GEM
  remote: https://rubygems.org/
  specs:
    concurrent-ruby (1.2.2)
    debug (1.8.0)
      irb (>= 1.5.0)
      reline (>= 0.3.1)
    ffi (1.15.5)
    instana (1.210.1)
      concurrent-ruby (>= 1.1)
      oj (>= 3.0.11)
      sys-proctable (>= 1.2.2)
    io-console (0.6.0)
    irb (1.8.1)
      rdoc
      reline (>= 0.3.8)
    nio4r (2.5.9)
    oj (3.16.1)
    psych (5.1.0)
      stringio
    puma (6.3.1)
      nio4r (~> 2.0)
    rack (3.0.8)
    rackup (2.1.0)
      rack (>= 3)
      webrick (~> 1.8)
    rdoc (6.5.0)
      psych (>= 4.0.0)
    reline (0.3.8)
      io-console (~> 0.5)
    stringio (3.0.8)
    sys-proctable (1.3.0)
      ffi (~> 1.1)
    webrick (1.8.1)

PLATFORMS
  arm64-darwin-21
  ruby
  x86_64-darwin-21
  x86_64-linux

DEPENDENCIES
  debug (~> 1.8)
  instana
  puma
  rack (>= 3.0.8)
  rackup (>= 2.1.0)

BUNDLED WITH
   2.4.17